PATH
  remote: .
  specs:
    powify (0.8.5)
      json

GEM
  remote: http://rubygems.org/
  specs:
    json (1.6.5)

PLATFORMS
  ruby

DEPENDENCIES
  powify!
